GEM
  specs:
    rake (10.4.2)

PLATFORMS
  ruby

DEPENDENCIES
  rake
